GEM
  remote: https://rubygems.org/
  specs:
    ffaker (2.21.0)
    json (2.6.3)

PLATFORMS
  ruby

DEPENDENCIES
  ffaker
  json

BUNDLED WITH
   1.17.2
